GIT
  remote: git://github.com/Hobo/hobo.git
  revision: 35be6fdb70ebb645b6d09f4d21388daff921a620
  specs:
    dryml (2.0.0.pre7)
      actionpack (~> 3.2.0)
      hobo_support (= 2.0.0.pre7)
    hobo (2.0.0.pre7)
      dryml (= 2.0.0.pre7)
      hobo_fields (= 2.0.0.pre7)
      hobo_support (= 2.0.0.pre7)
      will_paginate (~> 3.0.0)
    hobo_clean (2.0.0.pre7)
      hobo (= 2.0.0.pre7)
      hobo_jquery (= 2.0.0.pre7)
    hobo_clean_admin (2.0.0.pre7)
      hobo_clean (= 2.0.0.pre7)
    hobo_fields (2.0.0.pre7)
      hobo_support (= 2.0.0.pre7)
    hobo_jquery (2.0.0.pre7)
      hobo_rapid (= 2.0.0.pre7)
      jquery-rails (~> 2.0)
    hobo_jquery_ui (2.0.0.pre7)
      hobo (= 2.0.0.pre7)
      hobo_jquery (= 2.0.0.pre7)
      jquery-ui-themes (~> 0.0.4)
    hobo_rapid (2.0.0.pre7)
      hobo (= 2.0.0.pre7)
    hobo_support (2.0.0.pre7)
      rails (~> 3.2.0)

GIT
  remote: git://github.com/Hobo/hobo_bootstrap.git
  revision: 854c5ae38bd31a437ed9d9d39c3691b46aa77e48
  specs:
    hobo_bootstrap (2.0.0.pre7)
      bootstrap-sass (~> 2.1)
      hobo (~> 2.0.0.pre6)
      hobo_jquery (~> 2.0.0.pre6)
      will_paginate-bootstrap (~> 0.2.1)

GIT
  remote: git://github.com/Hobo/hobo_bootstrap_ui.git
  revision: d84bf4d8f95a9b6715f3ae38618e91cf37e0b0a8
  specs:
    hobo_bootstrap_ui (2.0.0.pre6)
      hobo_bootstrap (~> 2.0.0.pre1)

GIT
  remote: git://github.com/Hobo/will_paginate.git
  revision: cc7ef01551b94fe4f607e38929037234dc70bb62
  specs:
    will_paginate (3.0.4.hobo)

GEM
  remote: https://rubygems.org/
  specs:
    actionmailer (3.2.9)
      actionpack (= 3.2.9)
      mail (~> 2.4.4)
    actionpack (3.2.9)
      activemodel (= 3.2.9)
      activesupport (= 3.2.9)
      builder (~> 3.0.0)
      erubis (~> 2.7.0)
      journey (~> 1.0.4)
      rack (~> 1.4.0)
      rack-cache (~> 1.2)
      rack-test (~> 0.6.1)
      sprockets (~> 2.2.1)
    activemodel (3.2.9)
      activesupport (= 3.2.9)
      builder (~> 3.0.0)
    activerecord (3.2.9)
      activemodel (= 3.2.9)
      activesupport (= 3.2.9)
      arel (~> 3.0.2)
      tzinfo (~> 0.3.29)
    activeresource (3.2.9)
      activemodel (= 3.2.9)
      activesupport (= 3.2.9)
    activesupport (3.2.9)
      i18n (~> 0.6)
      multi_json (~> 1.0)
    arel (3.0.2)
    bootstrap-sass (2.2.1.1)
      sass (~> 3.2)
    builder (3.0.4)
    coffee-rails (3.2.2)
      coffee-script (>= 2.2.0)
      railties (~> 3.2.0)
    coffee-script (2.2.0)
      coffee-script-source
      execjs
    coffee-script-source (1.4.0)
    columnize (0.3.6)
    daemons (1.1.9)
    debugger (1.2.2)
      columnize (>= 0.3.1)
      debugger-linecache (~> 1.1.1)
      debugger-ruby_core_source (~> 1.1.5)
    debugger-linecache (1.1.2)
      debugger-ruby_core_source (>= 1.1.1)
    debugger-ruby_core_source (1.1.5)
    erubis (2.7.0)
    eventmachine (1.0.0)
    execjs (1.4.0)
      multi_json (~> 1.0)
    hike (1.2.1)
    httparty (0.9.0)
      multi_json (~> 1.0)
      multi_xml
    i18n (0.6.1)
    journey (1.0.4)
    jquery-rails (2.1.3)
      railties (>= 3.1.0, < 5.0)
      thor (~> 0.14)
    jquery-ui-themes (0.0.7)
      httparty
    json (1.7.5)
    mail (2.4.4)
      i18n (>= 0.4.0)
      mime-types (~> 1.16)
      treetop (~> 1.4.8)
    mime-types (1.19)
    multi_json (1.3.7)
    multi_xml (0.5.1)
    polyglot (0.3.3)
    quiet_assets (1.0.1)
      railties (~> 3.1)
    rack (1.4.1)
    rack-cache (1.2)
      rack (>= 0.4)
    rack-ssl (1.3.2)
      rack
    rack-test (0.6.2)
      rack (>= 1.0)
    rails (3.2.9)
      actionmailer (= 3.2.9)
      actionpack (= 3.2.9)
      activerecord (= 3.2.9)
      activeresource (= 3.2.9)
      activesupport (= 3.2.9)
      bundler (~> 1.0)
      railties (= 3.2.9)
    railties (3.2.9)
      actionpack (= 3.2.9)
      activesupport (= 3.2.9)
      rack-ssl (~> 1.3.2)
      rake (>= 0.8.7)
      rdoc (~> 3.4)
      thor (>= 0.14.6, < 2.0)
    rake (10.0.2)
    rdoc (3.12)
      json (~> 1.4)
    sass (3.2.3)
    sass-rails (3.2.5)
      railties (~> 3.2.0)
      sass (>= 3.1.10)
      tilt (~> 1.3)
    sprockets (2.2.1)
      hike (~> 1.2)
      multi_json (~> 1.0)
      rack (~> 1.0)
      tilt (~> 1.1, != 1.3.0)
    sqlite3 (1.3.6)
    thin (1.4.1)
      daemons (>= 1.0.9)
      eventmachine (>= 0.12.6)
      rack (>= 1.0.0)
    thor (0.16.0)
    tilt (1.3.3)
    treetop (1.4.12)
      polyglot
      polyglot (>= 0.3.1)
    turbolinks (0.5.1)
    tzinfo (0.3.35)
    uglifier (1.3.0)
      execjs (>= 0.3.0)
      multi_json (~> 1.0, >= 1.0.2)
    will_paginate-bootstrap (0.2.1)
      will_paginate (>= 3.0.3)

PLATFORMS
  ruby

DEPENDENCIES
  coffee-rails (~> 3.2.1)
  debugger
  dryml!
  hobo!
  hobo_bootstrap!
  hobo_bootstrap_ui!
  hobo_clean!
  hobo_clean_admin!
  hobo_fields!
  hobo_jquery!
  hobo_jquery_ui!
  hobo_rapid!
  hobo_support!
  jquery-rails
  jquery-ui-themes (~> 0.0.4)
  quiet_assets
  rails (= 3.2.9)
  sass-rails (~> 3.2.3)
  sqlite3
  thin
  turbolinks
  uglifier (>= 1.0.3)
  will_paginate!
